GEM
  remote: https://rubygems.org/
  specs:
    fastimage (2.2.0)
    ruby2d (0.9.4)

PLATFORMS
  x64-mingw32

DEPENDENCIES
  fastimage (~> 2.2)
  ruby2d (~> 0.9.4)

BUNDLED WITH
   2.1.4
