GEM
  remote: https://rubygems.org/
  specs:
    fxruby (1.6.42-x64-mingw32)
      mini_portile2 (~> 2.1)
    mini_portile2 (2.5.0)

PLATFORMS
  x64-mingw32

DEPENDENCIES
  fxruby (~> 1.6)

BUNDLED WITH
   2.1.4
